GEM
  remote: https://rubygems.org/
  specs:
    json (1.8.0)
    mime-types (1.25)
    rest-client (1.6.7)
      mime-types (>= 1.16)

PLATFORMS
  ruby

DEPENDENCIES
  json
  rest-client
